GEM
  remote: http://rubygems.org/
  specs:
    rack (1.4.0)
    rake (0.9.2.2)

PLATFORMS
  ruby

DEPENDENCIES
  rack (>= 0.4.0, < 1.5.0)
  rake (~> 0.9.2.2)
